PATH
  remote: .
  specs:
    coincap (0.2.3)

GEM
  remote: https://rubygems.org/
  specs:
    event_emitter (0.2.6)
    json (2.6.3)
    minitest (5.20.0)
    net-http (0.3.2)
      uri
    openssl (3.2.0)
    rake (13.0.6)
    uri (0.12.2)
    websocket (1.2.10)
    websocket-client-simple (0.8.0)
      event_emitter
      websocket

PLATFORMS
  x86_64-darwin-22
  x86_64-linux

DEPENDENCIES
  coincap!
  json (~> 2.6)
  minitest (~> 5.18)
  net-http (~> 0.3.2)
  openssl (~> 3.1)
  rake (~> 13.0)
  uri (~> 0.12.1)
  websocket-client-simple (~> 0.8.0)

BUNDLED WITH
   2.5.3
